PATH
  remote: ~/Development/thredded
  specs:
    thredded (0.0.1)
      RedCloth
      bb-ruby
      cancan
      carrierwave
      client_side_validations
      escape_utils
      fog
      friendly_id
      gravtastic
      griddler
      htmlentities
      jquery-rails
      kaminari
      mini_magick
      multi_json
      nested_form
      nokogiri
      rails (~> 3.2)
      rails_emoji
      redcarpet

GEM
  remote: https://rubygems.org/
  specs:
    RedCloth (4.2.9)
    actionmailer (3.2.13)
      actionpack (= 3.2.13)
      mail (~> 2.5.3)
    actionpack (3.2.13)
      activemodel (= 3.2.13)
      activesupport (= 3.2.13)
      builder (~> 3.0.0)
      erubis (~> 2.7.0)
      journey (~> 1.0.4)
      rack (~> 1.4.5)
      rack-cache (~> 1.2)
      rack-test (~> 0.6.1)
      sprockets (~> 2.2.1)
    activemodel (3.2.13)
      activesupport (= 3.2.13)
      builder (~> 3.0.0)
    activerecord (3.2.13)
      activemodel (= 3.2.13)
      activesupport (= 3.2.13)
      arel (~> 3.0.2)
      tzinfo (~> 0.3.29)
    activeresource (3.2.13)
      activemodel (= 3.2.13)
      activesupport (= 3.2.13)
    activesupport (3.2.13)
      i18n (= 0.6.1)
      multi_json (~> 1.0)
    addressable (2.3.2)
    arel (3.0.2)
    bb-ruby (1.0)
    bcrypt-ruby (3.0.1)
    bourne (1.4.0)
      mocha (~> 0.13.2)
    builder (3.0.4)
    cancan (1.6.10)
    capybara (2.0.2)
      mime-types (>= 1.16)
      nokogiri (>= 1.3.3)
      rack (>= 1.0.0)
      rack-test (>= 0.5.4)
      selenium-webdriver (~> 2.0)
      xpath (~> 1.0.0)
    carrierwave (0.9.0)
      activemodel (>= 3.2.0)
      activesupport (>= 3.2.0)
      json (>= 1.7)
    childprocess (0.3.6)
      ffi (~> 1.0, >= 1.0.6)
    chosen.scss (1.0.8)
      compass (>= 0.11)
    chronic (0.9.1)
    chunky_png (1.2.6)
    client_side_validations (3.2.6)
    coderay (1.0.6)
    coffee-rails (3.2.2)
      coffee-script (>= 2.2.0)
      railties (~> 3.2.0)
    coffee-script (2.2.0)
      coffee-script-source
      execjs
    coffee-script-source (1.4.0)
    compass (0.12.2)
      chunky_png (~> 1.2)
      fssm (>= 0.2.7)
      sass (~> 3.1)
    compass-rails (1.0.3)
      compass (>= 0.12.2, < 0.14)
    cucumber (1.2.1)
      builder (>= 2.1.2)
      diff-lcs (>= 1.1.3)
      gherkin (~> 2.11.0)
      json (>= 1.4.6)
    cucumber-rails (1.3.0)
      capybara (>= 1.1.2)
      cucumber (>= 1.1.8)
      nokogiri (>= 1.5.0)
    daemons (1.1.9)
    database_cleaner (0.7.1)
    devise (2.2.3)
      bcrypt-ruby (~> 3.0)
      orm_adapter (~> 0.1)
      railties (~> 3.1)
      warden (~> 1.2.1)
    diff-lcs (1.1.3)
    email_spec (1.4.0)
      launchy (~> 2.1)
      mail (~> 2.2)
    erubis (2.7.0)
    escape_utils (0.3.2)
    eventmachine (1.0.0)
    excon (0.25.3)
    execjs (1.3.0)
      multi_json (~> 1.0)
    factory_girl (4.1.0)
      activesupport (>= 3.0.0)
    factory_girl_rails (4.1.0)
      factory_girl (~> 4.1.0)
      railties (>= 3.0.0)
    faker (1.0.1)
      i18n (~> 0.4)
    faraday (0.8.5)
      multipart-post (~> 1.1)
    ffi (1.3.1)
    fog (1.14.0)
      builder
      excon (~> 0.25.0)
      formatador (~> 0.2.0)
      mime-types
      multi_json (~> 1.0)
      net-scp (~> 1.1)
      net-ssh (>= 2.1.3)
      nokogiri (~> 1.5)
      ruby-hmac
    font-icons (1.0.3.beta)
      compass (>= 0.11)
    formatador (0.2.4)
    friendly_id (4.0.10.1)
      activerecord (>= 3.0, < 4.0)
    fssm (0.2.9)
    fuubar (1.0.0)
      rspec (~> 2.0)
      rspec-instafail (~> 0.2.0)
      ruby-progressbar (~> 0.0.10)
    gherkin (2.11.5)
      json (>= 1.4.6)
    git_remote_branch (0.3.3)
      rainbow
    gravtastic (3.1.0)
    griddler (0.4.0)
      htmlentities
      rails (>= 3.2.0)
    hashie (1.2.0)
    hike (1.2.3)
    htmlentities (4.3.1)
    httpauth (0.2.0)
    hub (1.10.4)
    i18n (0.6.1)
    journey (1.0.4)
    jquery-rails (3.0.1)
      railties (>= 3.0, < 5.0)
      thor (>= 0.14, < 2.0)
    json (1.8.0)
    jwt (0.1.5)
      multi_json (>= 1.0)
    kaminari (0.14.1)
      actionpack (>= 3.0.0)
      activesupport (>= 3.0.0)
    launchy (2.1.2)
      addressable (~> 2.3)
    letter_opener (1.0.0)
      launchy (>= 2.0.4)
    libv8 (3.3.10.4)
    libwebsocket (0.1.7.1)
      addressable
      websocket
    mail (2.5.3)
      i18n (>= 0.4.0)
      mime-types (~> 1.16)
      treetop (~> 1.4.8)
    metaclass (0.0.1)
    method_source (0.8.1)
    mime-types (1.21)
    mini_magick (3.6.0)
      subexec (~> 0.2.1)
    mocha (0.13.3)
      metaclass (~> 0.0.1)
    multi_json (1.7.7)
    multipart-post (1.1.5)
    nested_form (0.3.2)
    net-scp (1.1.2)
      net-ssh (>= 2.6.5)
    net-ssh (2.6.8)
    nokogiri (1.5.0)
    oauth2 (0.8.0)
      faraday (~> 0.8)
      httpauth (~> 0.1)
      jwt (~> 0.1.4)
      multi_json (~> 1.0)
      rack (~> 1.2)
    omniauth (1.1.2)
      hashie (~> 1.2)
      rack
    omniauth-github (1.0.3)
      omniauth (~> 1.0)
      omniauth-oauth2 (~> 1.1)
    omniauth-oauth2 (1.1.1)
      oauth2 (~> 0.8.0)
      omniauth (~> 1.0)
    orm_adapter (0.4.0)
    pg (0.13.1)
    polyglot (0.3.3)
    pry (0.9.10)
      coderay (~> 1.0.5)
      method_source (~> 0.8)
      slop (~> 3.3.1)
    pry-rails (0.2.2)
      pry (>= 0.9.10)
    quiet_assets (1.0.2)
      railties (>= 3.1, < 5.0)
    rack (1.4.5)
    rack-cache (1.2)
      rack (>= 0.4)
    rack-mini-profiler (0.1.26)
      rack (>= 1.1.3)
    rack-ssl (1.3.3)
      rack
    rack-test (0.6.1)
      rack (>= 1.0)
    rails (3.2.13)
      actionmailer (= 3.2.13)
      actionpack (= 3.2.13)
      activerecord (= 3.2.13)
      activeresource (= 3.2.13)
      activesupport (= 3.2.13)
      bundler (~> 1.0)
      railties (= 3.2.13)
    rails_emoji (1.6.2)
      rails (>= 3.1.0)
    railties (3.2.13)
      actionpack (= 3.2.13)
      activesupport (= 3.2.13)
      rack-ssl (~> 1.3.2)
      rake (>= 0.8.7)
      rdoc (~> 3.4)
      thor (>= 0.14.6, < 2.0)
    rainbow (1.1.3)
    rake (10.1.0)
    rb-fsevent (0.9.0)
    rdoc (3.12.2)
      json (~> 1.4)
    redcarpet (3.0.0)
    rspec (2.12.0)
      rspec-core (~> 2.12.0)
      rspec-expectations (~> 2.12.0)
      rspec-mocks (~> 2.12.0)
    rspec-core (2.12.2)
    rspec-expectations (2.12.1)
      diff-lcs (~> 1.1.3)
    rspec-instafail (0.2.2)
    rspec-mocks (2.12.1)
    rspec-rails (2.12.2)
      actionpack (>= 3.0)
      activesupport (>= 3.0)
      railties (>= 3.0)
      rspec-core (~> 2.12.0)
      rspec-expectations (~> 2.12.0)
      rspec-mocks (~> 2.12.0)
    ruby-hmac (0.4.0)
    ruby-progressbar (0.0.10)
    rubyzip (0.9.9)
    sass (3.2.9)
    sass-rails (3.2.6)
      railties (~> 3.2.0)
      sass (>= 3.1.10)
      tilt (~> 1.3)
    selenium-webdriver (2.27.2)
      childprocess (>= 0.2.5)
      libwebsocket (~> 0.1.3)
      multi_json (~> 1.0)
      rubyzip
    sextant (0.1.3)
      activesupport (>= 3.2)
      rails (>= 3.2)
    shoulda-matchers (1.2.0)
      activesupport (>= 3.0.0)
    slop (3.3.3)
    sprockets (2.2.2)
      hike (~> 1.2)
      multi_json (~> 1.0)
      rack (~> 1.0)
      tilt (~> 1.1, != 1.3.0)
    subexec (0.2.3)
    therubyracer (0.9.10)
      libv8 (~> 3.3.10)
    thin (1.5.0)
      daemons (>= 1.0.9)
      eventmachine (>= 0.12.6)
      rack (>= 1.0.0)
    thor (0.18.1)
    tilt (1.4.1)
    timecop (0.6.1)
    treetop (1.4.12)
      polyglot
      polyglot (>= 0.3.1)
    tzinfo (0.3.37)
    uglifier (1.2.3)
      execjs (>= 0.3.0)
      multi_json (>= 1.0.2)
    warden (1.2.1)
      rack (>= 1.0)
    websocket (1.0.6)
    xpath (1.0.0)
      nokogiri (~> 1.3)

PLATFORMS
  ruby

DEPENDENCIES
  addressable (~> 2.3.2)
  bourne
  capybara (~> 2.0.2)
  chosen.scss (= 1.0.8)
  chronic
  coffee-rails (~> 3.2.2)
  compass-rails
  cucumber-rails (~> 1.3.0)
  database_cleaner
  devise (~> 2.2.3)
  email_spec (= 1.4.0)
  factory_girl_rails (~> 4.1.0)
  faker
  font-icons (~> 1.0.3.beta)
  fuubar
  git_remote_branch
  gravtastic (= 3.1.0)
  griddler
  hub
  jquery-rails
  launchy (~> 2.1.2)
  letter_opener
  nokogiri (= 1.5.0)
  omniauth-github
  pg
  pry
  pry-rails
  quiet_assets
  rack-mini-profiler
  rack-test (= 0.6.1)
  rails (= 3.2.13)
  rb-fsevent
  rspec-rails (~> 2.12.2)
  sass
  sass-rails
  sextant
  shoulda-matchers (= 1.2.0)
  therubyracer
  thin
  thredded!
  timecop
  uglifier
